GEM
  specs:
    diff-lcs (1.1.3)
    faraday (0.8.0)
      multipart-post (~> 1.1)
    hashie (1.2.0)
    json (1.7.3)
    multi_json (1.3.6)
    multipart-post (1.1.5)
    rspec (2.10.0)
      rspec-core (~> 2.10.0)
      rspec-expectations (~> 2.10.0)
      rspec-mocks (~> 2.10.0)
    rspec-core (2.10.1)
    rspec-expectations (2.10.0)
      diff-lcs (~> 1.1.3)
    rspec-mocks (2.10.1)
    simplecov (0.6.4)
      multi_json (~> 1.0)
      simplecov-html (~> 0.5.3)
    simplecov-html (0.5.3)

PLATFORMS
  ruby

DEPENDENCIES
  faraday
  hashie
  json
  rspec
  simplecov
